GEM
  remote: https://rubygems.org/
  specs:
    ffi (1.9.23)
    httpclient (2.8.3)
    natto (1.1.1)
      ffi (>= 1.9.0)

PLATFORMS
  ruby

DEPENDENCIES
  httpclient
  natto

BUNDLED WITH
   1.16.0
